GEM
  remote: https://rubygems.org/
  specs:
    Ascii85 (1.0.2)
    afm (0.2.0)
    awesome_print (1.1.0)
    bson (1.9.0)
    bson_ext (1.9.0)
      bson (~> 1.9.0)
    curb (0.8.3)
    hashery (2.1.0)
    mongo (1.9.0)
      bson (~> 1.9.0)
    nokogiri (1.5.6)
    pdf-reader (1.3.2)
      Ascii85 (~> 1.0.0)
      afm (~> 0.2.0)
      hashery (~> 2.0)
      ruby-rc4
      ttfunk
    ruby-rc4 (0.1.5)
    ttfunk (1.0.3)

PLATFORMS
  ruby

DEPENDENCIES
  awesome_print
  bson_ext
  curb
  mongo
  nokogiri
  pdf-reader
